GEM
  remote: https://rubygems.org/
  specs:
    codeclimate-test-reporter (0.3.0)
      simplecov (>= 0.7.1, < 1.0.0)
    diff-lcs (1.2.3)
    docile (1.1.3)
    multi_json (1.9.0)
    mustermann (1.0.3)
    rack (2.0.8)
    rack-protection (2.0.7)
      rack
    rake (10.0.4)
    rspec (2.13.0)
      rspec-core (~> 2.13.0)
      rspec-expectations (~> 2.13.0)
      rspec-mocks (~> 2.13.0)
    rspec-core (2.13.1)
    rspec-expectations (2.13.0)
      diff-lcs (>= 1.1.3, < 2.0)
    rspec-mocks (2.13.1)
    simplecov (0.8.2)
      docile (~> 1.1.0)
      multi_json
      simplecov-html (~> 0.8.0)
    simplecov-html (0.8.0)
    sinatra (2.0.7)
      mustermann (~> 1.0)
      rack (~> 2.0)
      rack-protection (= 2.0.7)
      tilt (~> 2.0)
    tilt (2.0.10)

PLATFORMS
  java
  ruby

DEPENDENCIES
  codeclimate-test-reporter
  rack (>= 1.6.12)
  rake
  rspec
  sinatra (>= 1.4.2)

BUNDLED WITH
   1.17.3
